GEM
  remote: https://rubygems.org/
  specs:
    colsole (1.0.0)
    docopt_ng (0.7.1)
    gtx (0.1.0)
    nio4r (2.7.0)
    puma (6.4.2)
      nio4r (~> 2.0)
    rack (3.0.9)
    rackup (2.1.0)
      rack (>= 3)
      webrick (~> 1.8)
    requires (1.0.1)
    runfile (1.0.2)
      colsole (>= 0.8.2, < 2.0)
      docopt_ng (~> 0.7, >= 0.7.1)
      gtx (~> 0.1)
      requires (>= 0.2, < 2.0)
    webrick (1.8.1)

PLATFORMS
  ruby
  x86_64-linux

DEPENDENCIES
  puma
  rack
  rackup
  runfile

BUNDLED WITH
   2.5.6
